GEM
  remote: https://rubygems.org/
  specs:
    byebug (11.0.1)
    coderay (1.1.2)
    concurrent-ruby (1.1.10)
    date (3.3.3)
    diff-lcs (1.3)
    ffi (1.11.1)
    i18n (1.12.0)
      concurrent-ruby (~> 1.0)
    mail (2.8.0)
      mini_mime (>= 0.1.1)
      net-imap
      net-pop
      net-smtp
    method_source (0.9.2)
    mime-types (3.4.1)
      mime-types-data (~> 3.2015)
    mime-types-data (3.2022.0105)
    mini_mime (1.1.2)
    moneta (1.1.1)
    mustermann (3.0.0)
      ruby2_keywords (~> 0.0.1)
    net-imap (0.3.4)
      date
      net-protocol
    net-pop (0.1.2)
      net-protocol
    net-protocol (0.2.1)
      timeout
    net-smtp (0.3.3)
      net-protocol
    padrino (0.15.2)
      padrino-admin (= 0.15.2)
      padrino-cache (= 0.15.2)
      padrino-core (= 0.15.2)
      padrino-gen (= 0.15.2)
      padrino-helpers (= 0.15.2)
      padrino-mailer (= 0.15.2)
      padrino-support (= 0.15.2)
    padrino-admin (0.15.2)
      padrino-core (= 0.15.2)
      padrino-helpers (= 0.15.2)
    padrino-cache (0.15.2)
      moneta (~> 1.1.0)
      padrino-core (= 0.15.2)
      padrino-helpers (= 0.15.2)
    padrino-core (0.15.2)
      padrino-support (= 0.15.2)
      sinatra (>= 2.2.4)
      thor (~> 1.0)
    padrino-gen (0.15.2)
      bundler (>= 1.0, < 3)
      padrino-core (= 0.15.2)
    padrino-helpers (0.15.2)
      i18n (>= 0.6.7, < 2)
      padrino-support (= 0.15.2)
      tilt (>= 1.4.1, < 3)
    padrino-mailer (0.15.2)
      mail (~> 2.5)
      mime-types (< 4)
      padrino-core (= 0.15.2)
    padrino-support (0.15.2)
    pry (0.12.2)
      coderay (~> 1.1.0)
      method_source (~> 0.9.0)
    pry-byebug (3.7.0)
      byebug (~> 11.0)
      pry (~> 0.10)
    rack (2.2.4)
    rack-protection (3.0.5)
      rack
    rack-test (1.1.0)
      rack (>= 1.0, < 3)
    rake (12.3.3)
    rb-fsevent (0.10.3)
    rb-inotify (0.10.0)
      ffi (~> 1.0)
    rspec (3.8.0)
      rspec-core (~> 3.8.0)
      rspec-expectations (~> 3.8.0)
      rspec-mocks (~> 3.8.0)
    rspec-core (3.8.2)
      rspec-support (~> 3.8.0)
    rspec-expectations (3.8.4)
      diff-lcs (>= 1.2.0, < 2.0)
      rspec-support (~> 3.8.0)
    rspec-mocks (3.8.1)
      diff-lcs (>= 1.2.0, < 2.0)
      rspec-support (~> 3.8.0)
    rspec-support (3.8.2)
    ruby2_keywords (0.0.5)
    sass (3.7.4)
      sass-listen (~> 4.0.0)
    sass-listen (4.0.0)
      rb-fsevent (~> 0.9, >= 0.9.4)
      rb-inotify (~> 0.9, >= 0.9.7)
    sinatra (3.0.5)
      mustermann (~> 3.0)
      rack (~> 2.2, >= 2.2.4)
      rack-protection (= 3.0.5)
      tilt (~> 2.0)
    sitespec (1.2.1)
      rack-test
      rspec (>= 3.0.0)
    slim (4.0.1)
      temple (>= 0.7.6, < 0.9)
      tilt (>= 2.0.6, < 2.1)
    temple (0.8.1)
    thor (1.2.1)
    tilt (2.0.11)
    timeout (0.3.1)

PLATFORMS
  ruby

DEPENDENCIES
  padrino (~> 0.15)
  pry
  pry-byebug
  rake
  sass
  sitespec
  slim

BUNDLED WITH
   1.17.2
