GEM
  remote: https://rubygems.org/
  specs:
    byebug (10.0.2)
    coderay (1.1.2)
    concurrent-ruby (1.0.5)
    diff-lcs (1.3)
    ffi (1.9.25)
    i18n (0.9.5)
      concurrent-ruby (~> 1.0)
    mail (2.7.0)
      mini_mime (>= 0.1.1)
    method_source (0.9.2)
    mime-types (2.99.3)
    mini_mime (1.0.0)
    moneta (1.0.0)
    mustermann (1.0.2)
    padrino (0.14.3)
      padrino-admin (= 0.14.3)
      padrino-cache (= 0.14.3)
      padrino-core (= 0.14.3)
      padrino-gen (= 0.14.3)
      padrino-helpers (= 0.14.3)
      padrino-mailer (= 0.14.3)
      padrino-support (= 0.14.3)
    padrino-admin (0.14.3)
      padrino-core (= 0.14.3)
      padrino-helpers (= 0.14.3)
    padrino-cache (0.14.3)
      moneta (~> 1.0.0)
      padrino-core (= 0.14.3)
      padrino-helpers (= 0.14.3)
    padrino-core (0.14.3)
      padrino-support (= 0.14.3)
      sinatra (>= 2.0.0)
      thor (~> 0.18)
    padrino-gen (0.14.3)
      bundler (~> 1.0)
      padrino-core (= 0.14.3)
    padrino-helpers (0.14.3)
      i18n (~> 0.6, >= 0.6.7)
      padrino-support (= 0.14.3)
      tilt (>= 1.4.1, < 3)
    padrino-mailer (0.14.3)
      mail (~> 2.5)
      mime-types (< 3)
      padrino-core (= 0.14.3)
    padrino-support (0.14.3)
    pry (0.12.2)
      coderay (~> 1.1.0)
      method_source (~> 0.9.0)
    pry-byebug (3.6.0)
      byebug (~> 10.0)
      pry (~> 0.10)
    rack (2.0.6)
    rack-protection (2.0.3)
      rack
    rack-test (1.1.0)
      rack (>= 1.0, < 3)
    rake (12.3.2)
    rb-fsevent (0.10.3)
    rb-inotify (0.9.10)
      ffi (>= 0.5.0, < 2)
    rspec (3.8.0)
      rspec-core (~> 3.8.0)
      rspec-expectations (~> 3.8.0)
      rspec-mocks (~> 3.8.0)
    rspec-core (3.8.0)
      rspec-support (~> 3.8.0)
    rspec-expectations (3.8.1)
      diff-lcs (>= 1.2.0, < 2.0)
      rspec-support (~> 3.8.0)
    rspec-mocks (3.8.0)
      diff-lcs (>= 1.2.0, < 2.0)
      rspec-support (~> 3.8.0)
    rspec-support (3.8.0)
    sass (3.5.7)
      sass-listen (~> 4.0.0)
    sass-listen (4.0.0)
      rb-fsevent (~> 0.9, >= 0.9.4)
      rb-inotify (~> 0.9, >= 0.9.7)
    sinatra (2.0.3)
      mustermann (~> 1.0)
      rack (~> 2.0)
      rack-protection (= 2.0.3)
      tilt (~> 2.0)
    sitespec (1.2.1)
      rack-test
      rspec (>= 3.0.0)
    slim (4.0.1)
      temple (>= 0.7.6, < 0.9)
      tilt (>= 2.0.6, < 2.1)
    temple (0.8.0)
    thor (0.20.0)
    tilt (2.0.8)

PLATFORMS
  ruby

DEPENDENCIES
  padrino (~> 0.14)
  pry
  pry-byebug
  rake
  sass
  sitespec
  slim

BUNDLED WITH
   1.16.1
